GEM
  remote: https://rubygems.org/
  specs:
    rake (13.2.1)
    zeitwerk (2.6.14)

PLATFORMS
  ruby
  x86_64-linux

DEPENDENCIES
  rake
  zeitwerk

BUNDLED WITH
   2.5.9
